PATH
  remote: ../../open_source/scanbeacon-gem
  specs:
    scan_beacon (0.7.7)

GEM
  remote: https://rubygems.org/
  specs:

PLATFORMS
  ruby

DEPENDENCIES
  scan_beacon!

BUNDLED WITH
   1.12.4
