GEM
  remote: https://rubygems.org/
  specs:
    scan_beacon (0.7.8)

PLATFORMS
  ruby

DEPENDENCIES
  scan_beacon (>= 0.7.8)

BUNDLED WITH
   1.12.4
